PATH
  remote: .
  specs:
    hacker_term (0.1.0)
      clipboard
      curses
      launchy
      rest-client

GEM
  remote: https://rubygems.org/
  specs:
    addressable (2.4.0)
    clipboard (1.0.5)
    curses (1.0.1)
    diff-lcs (1.1.3)
    launchy (2.4.3)
      addressable (~> 2.3)
    mime-types (2.99.2)
    netrc (0.10.2)
    rest-client (1.7.2)
      mime-types (>= 1.16, < 3.0)
      netrc (~> 0.7)
    rspec (2.12.0)
      rspec-core (~> 2.12.0)
      rspec-expectations (~> 2.12.0)
      rspec-mocks (~> 2.12.0)
    rspec-core (2.12.0)
    rspec-expectations (2.12.0)
      diff-lcs (~> 1.1.3)
    rspec-mocks (2.12.0)

PLATFORMS
  ruby

DEPENDENCIES
  hacker_term!
  rspec

BUNDLED WITH
   1.12.5
