PATH
  remote: .
  specs:
    hacker_term (0.1.0)
      clipboard (~> 1.0)
      curses (~> 1.0)
      launchy (~> 2.4)
      rest-client (~> 1.7)

GEM
  remote: https://rubygems.org/
  specs:
    addressable (2.4.0)
    bump (0.5.3)
    clipboard (1.1.1)
    curses (1.0.2)
    diff-lcs (1.1.3)
    domain_name (0.5.20160615)
      unf (>= 0.0.5, < 1.0.0)
    http-cookie (1.0.2)
      domain_name (~> 0.5)
    launchy (2.4.3)
      addressable (~> 2.3)
    mime-types (2.99.2)
    netrc (0.11.0)
    rest-client (1.8.0)
      http-cookie (>= 1.0.2, < 2.0)
      mime-types (>= 1.16, < 3.0)
      netrc (~> 0.7)
    rspec (2.12.0)
      rspec-core (~> 2.12.0)
      rspec-expectations (~> 2.12.0)
      rspec-mocks (~> 2.12.0)
    rspec-core (2.12.0)
    rspec-expectations (2.12.0)
      diff-lcs (~> 1.1.3)
    rspec-mocks (2.12.0)
    unf (0.1.4)
      unf_ext
    unf_ext (0.0.7.2)

PLATFORMS
  ruby

DEPENDENCIES
  bump (~> 0.1)
  hacker_term!
  rspec (~> 2.12)

BUNDLED WITH
   1.12.5
